GEM
  remote: https://rubygems.org/
  specs:
    hola-pouet (0.0.4)

PLATFORMS
  x64-mingw32

DEPENDENCIES
  hola-pouet

BUNDLED WITH
   1.16.5
